PATH
  remote: .
  specs:
    docker-ssh (0.6.0)
      json (~> 2.2)

GEM
  remote: https://rubygems.org/
  specs:
    json (2.2.0)

PLATFORMS
  ruby

DEPENDENCIES
  docker-ssh!

BUNDLED WITH
   2.0.2
